GEM
  remote: https://rubygems.org/
  specs:
    nio4r (2.5.2)
    puma (4.3.5)
      nio4r (~> 2.0)
    rack (2.2.3)
    roda (3.33.0)
      rack

PLATFORMS
  ruby

DEPENDENCIES
  puma
  roda

BUNDLED WITH
   1.17.3
